GEM
  remote: https://rubygems.org/
  specs:
    colorize (0.8.1)
    dotenv (2.8.1)
    erubis (2.7.0)
    excon (0.92.4)
    heroics (0.1.2)
      erubis (~> 2.0)
      excon
      moneta
      multi_json (>= 1.9.2)
      webrick
    json (2.6.2)
    moneta (1.0.0)
    multi_json (1.15.0)
    parallel (1.21.0)
    platform-api (3.3.0)
      heroics (~> 0.1.1)
      moneta (~> 1.0.0)
      rate_throttle_client (~> 0.1.0)
    rate_throttle_client (0.1.2)
    webrick (1.7.0)

PLATFORMS
  ruby

DEPENDENCIES
  colorize
  dotenv
  json
  parallel
  platform-api

RUBY VERSION
   ruby 2.7.5p203

BUNDLED WITH
   2.1.4
